PATH
  remote: .
  specs:
    perfinator (0.0.1)
      curb (~> 0.8.6)
      methadone (~> 1.8.0)
      parallel (~> 1.3.3)
      ruby-progressbar (~> 1.7.1)
      statsd-ruby (~> 1.2.1)

GEM
  remote: https://rubygems.org/
  specs:
    aruba (0.6.2)
      childprocess (>= 0.3.6)
      cucumber (>= 1.1.1)
      rspec-expectations (>= 2.7.0)
    builder (3.2.2)
    childprocess (0.5.5)
      ffi (~> 1.0, >= 1.0.11)
    cucumber (1.3.18)
      builder (>= 2.1.2)
      diff-lcs (>= 1.1.3)
      gherkin (~> 2.12)
      multi_json (>= 1.7.5, < 2.0)
      multi_test (>= 0.1.1)
    curb (0.8.6)
    diff-lcs (1.2.5)
    ffi (1.9.6)
    gherkin (2.12.2)
      multi_json (~> 1.3)
    json (1.8.2)
    methadone (1.8.0)
      bundler
    multi_json (1.10.1)
    multi_test (0.1.1)
    parallel (1.3.3)
    rake (10.4.2)
    rdoc (4.2.0)
      json (~> 1.4)
    rspec-expectations (3.1.2)
      diff-lcs (>= 1.2.0, < 2.0)
      rspec-support (~> 3.1.0)
    rspec-support (3.1.2)
    ruby-progressbar (1.7.1)
    statsd-ruby (1.2.1)

PLATFORMS
  ruby

DEPENDENCIES
  aruba
  bundler (~> 1.6)
  perfinator!
  rake
  rdoc
